PATH
  remote: .
  specs:
    auto_strong_parameters (0.0.1)

GEM
  remote: https://rubygems.org/
  specs:
    appraisal (2.4.1)
      bundler
      rake
      thor (>= 0.14.0)
    minitest (5.16.3)
    rake (13.0.6)
    thor (1.2.2)

PLATFORMS
  ruby

DEPENDENCIES
  appraisal
  auto_strong_parameters!
  minitest
  rake

BUNDLED WITH
   2.1.4
