PATH
  remote: .
  specs:
    auto_strong_parameters (0.0.1)

GEM
  remote: https://rubygems.org/
  specs:
    appraisal (2.4.1)
      bundler
      rake
      thor (>= 0.14.0)
    coderay (1.1.3)
    method_source (1.0.0)
    minitest (5.16.3)
    pry (0.14.2)
      coderay (~> 1.1)
      method_source (~> 1.0)
    rake (13.0.6)
    thor (1.2.2)

PLATFORMS
  ruby

DEPENDENCIES
  appraisal
  auto_strong_parameters!
  minitest
  pry
  rake
